GEM
  remote: http://rubygems.org/
  remote: http://gems.github.com/
  specs:
    activesupport (3.2.8)
      i18n (~> 0.6)
      multi_json (~> 1.0)
    crack (0.3.1)
    i18n (0.6.1)
    jferris-mocha (0.9.8.20100526112143)
      rake
    minitest (3.5.0)
    multi_json (1.3.6)
    oauth (0.4.7)
    rake (0.8.7)
    shoulda (3.1.1)
      shoulda-context (~> 1.0)
      shoulda-matchers (~> 1.2)
    shoulda-context (1.0.0)
    shoulda-matchers (1.3.0)
      activesupport (>= 3.0.0)
    simplecov (0.6.4)
      multi_json (~> 1.0)
      simplecov-html (~> 0.5.3)
    simplecov-html (0.5.3)
    yajl-ruby (1.1.0)

PLATFORMS
  ruby

DEPENDENCIES
  crack
  i18n
  jferris-mocha
  minitest
  oauth
  rake (~> 0.8.7)
  shoulda
  simplecov
  yajl-ruby
